GIT
  remote: git://projects.tryphon.priv/box
  revision: a4fc200d575e51a7e934d6ef5d79596b2588b279
  specs:
    tryphon-box (0.0.16)
      activesupport
      facter
      httparty
      steto
      treetop
      trollop

GEM
  remote: https://rubygems.org/
  specs:
    SyslogLogger (2.0)
    ZenTest (4.4.0)
    actionmailer (2.3.18)
      actionpack (= 2.3.18)
    actionpack (2.3.18)
      activesupport (= 2.3.18)
      rack (~> 1.1.0)
    activerecord (2.3.18)
      activesupport (= 2.3.18)
    activeresource (2.3.18)
      activesupport (= 2.3.18)
    activesupport (2.3.18)
    builder (3.0.0)
    capistrano (2.6.0)
      highline
      net-scp (>= 1.0.0)
      net-sftp (>= 2.0.0)
      net-ssh (>= 2.0.14)
      net-ssh-gateway (>= 1.1.0)
    capistrano-ext (1.2.1)
      capistrano (>= 1.0.0)
    capybara (0.4.0)
      celerity (>= 0.7.9)
      culerity (>= 0.2.4)
      mime-types (>= 1.16)
      nokogiri (>= 1.3.3)
      rack (>= 1.0.0)
      rack-test (>= 0.5.4)
      selenium-webdriver (>= 0.0.27)
      xpath (~> 0.1.2)
    celerity (0.8.2)
    childprocess (0.1.3)
      ffi (~> 0.6.3)
    cocaine (0.2.1)
    coderay (1.0.9)
    crack (0.1.8)
    cucumber (1.2.1)
      builder (>= 2.1.2)
      diff-lcs (>= 1.1.3)
      gherkin (~> 2.11.0)
      json (>= 1.4.6)
    cucumber-rails (0.3.2)
      cucumber (>= 0.8.0)
    culerity (0.2.12)
    daemons (1.1.0)
    database_cleaner (0.5.2)
    delayed_job (2.0.4)
      daemons
    diff-lcs (1.1.3)
    eventmachine (1.0.3)
    facter (1.7.5)
    factory_girl (1.3.2)
    ffi (0.6.4)
    formatador (0.2.4)
    gherkin (2.11.1)
      json (>= 1.4.6)
    guard (1.8.0)
      formatador (>= 0.2.4)
      listen (>= 1.0.0)
      lumberjack (>= 1.0.2)
      pry (>= 0.9.10)
      thor (>= 0.14.6)
    guard-bundler (1.0.0)
      bundler (~> 1.0)
      guard (~> 1.1)
    guard-cucumber (1.4.0)
      cucumber (>= 1.2.0)
      guard (>= 1.1.0)
    guard-rspec (1.2.1)
      guard (>= 1.1)
    has_scope (0.5.0)
    highline (1.6.1)
    hoe (3.9.0)
      rake (>= 0.8, < 11.0)
    httparty (0.6.1)
      crack (= 0.1.8)
    inherited_resources (1.0.6)
      has_scope (~> 0.5.0)
      responders (~> 0.4.6)
    json (1.8.1)
    json_pure (1.4.6)
    libnotify (0.5.7)
    listen (1.0.3)
      rb-fsevent (>= 0.9.3)
      rb-inotify (>= 0.9)
      rb-kqueue (>= 0.2)
    lumberjack (1.0.3)
    metalive (0.0.1)
      httparty (= 0.6.1)
    method_source (0.8.1)
    mime-types (1.16)
    mini_portile (0.5.2)
    net-scp (1.0.4)
      net-ssh (>= 1.99.1)
    net-sftp (2.0.5)
      net-ssh (>= 2.0.9)
    net-ssh (2.1.4)
    net-ssh-gateway (1.1.0)
      net-ssh (>= 1.99.1)
    nokogiri (1.6.1)
      mini_portile (~> 0.5.0)
    parallel (0.9.2)
    pickle (0.4.2)
      cucumber (>= 0.8)
      rake
      rspec (>= 1.3)
      yard
    polyglot (0.3.4)
    pry (0.9.12.1)
      coderay (~> 1.0.5)
      method_source (~> 0.8)
      slop (~> 3.4)
    rack (1.1.6)
    rack-test (0.5.6)
      rack (>= 1.0)
    rails (2.3.18)
      actionmailer (= 2.3.18)
      actionpack (= 2.3.18)
      activerecord (= 2.3.18)
      activeresource (= 2.3.18)
      activesupport (= 2.3.18)
      rake (>= 0.8.3)
    rake (10.1.1)
    rake-debian-build (1.0.18)
    rb-fsevent (0.9.3)
    rb-inotify (0.9.0)
      ffi (>= 0.5.0)
    rb-kqueue (0.2.0)
      ffi (>= 0.5.0)
    responders (0.4.7)
    rspec (1.3.2)
    rspec-rails (1.3.4)
      rack (>= 1.0.0)
      rspec (~> 1.3.1)
    rubyzip (0.9.4)
    selenium-webdriver (0.0.29)
      childprocess (>= 0.0.7)
      ffi (~> 0.6.3)
      json_pure
      rubyzip
    slop (3.4.4)
    sqlite3-ruby (1.3.1)
    steto (0.0.7)
      cocaine (= 0.2.1)
      json
      parallel
    taglib-ruby (0.4.0)
    test-unit (1.2.3)
      hoe (>= 1.5.1)
    thor (0.18.1)
    treetop (1.4.15)
      polyglot
      polyglot (>= 0.3.1)
    trollop (2.0)
    will_paginate (2.3.15)
    xpath (0.1.2)
      nokogiri (~> 1.3)
    yard (0.6.1)

PLATFORMS
  ruby

DEPENDENCIES
  SyslogLogger (~> 2.0)
  ZenTest
  capistrano
  capistrano-ext
  capybara
  cucumber
  cucumber-rails
  database_cleaner
  delayed_job (= 2.0.4)
  eventmachine
  factory_girl
  guard
  guard-bundler
  guard-cucumber
  guard-rspec
  inherited_resources (= 1.0.6)
  libnotify
  metalive
  pickle
  rack (~> 1.1.0)
  rails (= 2.3.18)
  rake-debian-build
  rspec (< 2.0)
  rspec-rails (< 2.0)
  sqlite3-ruby
  taglib-ruby
  test-unit (= 1.2.3)
  tryphon-box!
  will_paginate (~> 2.3.11)
